GIT
  remote: https://github.com/sinatra/sinatra.git
  revision: 83d917649b5a9fc4d45a84d6bec7b65f86848078
  specs:
    rack-protection (3.0.0)
      rack
    sinatra (3.0.0)
      mustermann (~> 1.0)
      rack (~> 2.2)
      rack-protection (= 3.0.0)
      tilt (~> 2.0)
    sinatra-contrib (3.0.0)
      multi_json
      mustermann (~> 1.0)
      rack-protection (= 3.0.0)
      sinatra (= 3.0.0)
      tilt (~> 2.0)

GEM
  remote: https://rubygems.org/
  specs:
    daemons (1.4.1)
    eventmachine (1.2.7)
    multi_json (1.15.0)
    mustermann (1.1.1)
      ruby2_keywords (~> 0.0.1)
    rack (2.2.3)
    ruby2_keywords (0.0.5)
    sinatra-reloader (1.0)
      sinatra-contrib
    thin (1.8.1)
      daemons (~> 1.0, >= 1.0.9)
      eventmachine (~> 1.0, >= 1.0.4)
      rack (>= 1, < 3)
    tilt (2.0.10)

PLATFORMS
  -darwin-21
  aarch64-linux

DEPENDENCIES
  sinatra!
  sinatra-reloader
  thin

BUNDLED WITH
   2.3.12
