GIT
  remote: https://github.com/sinatra/sinatra.git
  revision: 029e27dfb63dd0084a56660030a52271db23a1fe
  specs:
    rack-protection (3.0.0)
      rack
    sinatra (3.0.0)
      mustermann (~> 1.0)
      rack (~> 2.2)
      rack-protection (= 3.0.0)
      tilt (~> 2.0)
    sinatra-contrib (3.0.0)
      multi_json
      mustermann (~> 1.0)
      rack-protection (= 3.0.0)
      sinatra (= 3.0.0)
      tilt (~> 2.0)

GEM
  remote: https://rubygems.org/
  specs:
    activemodel (7.0.3)
      activesupport (= 7.0.3)
    activerecord (7.0.3)
      activemodel (= 7.0.3)
      activesupport (= 7.0.3)
    activesupport (7.0.3)
      concurrent-ruby (~> 1.0, >= 1.0.2)
      i18n (>= 1.6, < 2)
      minitest (>= 5.1)
      tzinfo (~> 2.0)
    concurrent-ruby (1.1.10)
    daemons (1.4.1)
    diff-lcs (1.5.0)
    eventmachine (1.2.7)
    i18n (1.10.0)
      concurrent-ruby (~> 1.0)
    minitest (5.15.0)
    multi_json (1.15.0)
    mustermann (1.1.1)
      ruby2_keywords (~> 0.0.1)
    rack (2.2.3)
    rack-test (1.1.0)
      rack (>= 1.0, < 3)
    rake (13.0.6)
    rspec (3.11.0)
      rspec-core (~> 3.11.0)
      rspec-expectations (~> 3.11.0)
      rspec-mocks (~> 3.11.0)
    rspec-core (3.11.0)
      rspec-support (~> 3.11.0)
    rspec-expectations (3.11.0)
      diff-lcs (>= 1.2.0, < 2.0)
      rspec-support (~> 3.11.0)
    rspec-mocks (3.11.1)
      diff-lcs (>= 1.2.0, < 2.0)
      rspec-support (~> 3.11.0)
    rspec-support (3.11.0)
    ruby2_keywords (0.0.5)
    sinatra-activerecord (2.0.25)
      activerecord (>= 4.1)
      sinatra (>= 1.0)
    sinatra-reloader (1.0)
      sinatra-contrib
    sqlite3 (1.4.2)
    thin (1.8.1)
      daemons (~> 1.0, >= 1.0.9)
      eventmachine (~> 1.0, >= 1.0.4)
      rack (>= 1, < 3)
    tilt (2.0.10)
    tzinfo (2.0.4)
      concurrent-ruby (~> 1.0)

PLATFORMS
  -darwin-21
  aarch64-linux

DEPENDENCIES
  rack-test
  rake
  rspec
  sinatra!
  sinatra-activerecord
  sinatra-reloader
  sqlite3
  thin

BUNDLED WITH
   2.3.12
